GEM
  remote: http://rubygems.org/
  specs:
    door_code (0.0.5)
      rack
    haml (3.0.25)
    rack (1.2.1)
    sinatra (1.1.2)
      rack (~> 1.1)
      tilt (~> 1.2)
    tilt (1.2.2)

PLATFORMS
  ruby

DEPENDENCIES
  door_code (= 0.0.5)
  haml
  sinatra
