GIT
  remote: git://github.com/citrus/door_code.git
  revision: 8b63f13859f45c430f35088c4fde8ee44d9b8435
  branch: citrus
  specs:
    door_code (0.0.3)
      rack

GEM
  remote: http://rubygems.org/
  specs:
    daemons (1.1.0)
    eventmachine (0.12.10)
    haml (3.0.25)
    rack (1.2.1)
    sinatra (1.1.2)
      rack (~> 1.1)
      tilt (~> 1.2)
    thin (1.2.7)
      daemons (>= 1.0.9)
      eventmachine (>= 0.12.6)
      rack (>= 1.0.0)
    tilt (1.2.2)

PLATFORMS
  ruby

DEPENDENCIES
  door_code!
  haml
  sinatra
  thin
