GIT
  remote: git://github.com/citrus/door_code.git
  revision: 8b63f13859f45c430f35088c4fde8ee44d9b8435
  branch: citrus
  specs:
    door_code (0.0.3)
      rack

GEM
  remote: http://rubygems.org/
  specs:
    haml (3.0.25)
    rack (1.2.1)
    sinatra (1.1.2)
      rack (~> 1.1)
      tilt (~> 1.2)
    tilt (1.2.2)

PLATFORMS
  ruby

DEPENDENCIES
  door_code!
  haml
  sinatra
