GEM
  remote: http://rubygems.org/
  specs:
    daemons (1.1.0)
    door_code (0.0.3)
      rack
    eventmachine (0.12.10)
    haml (3.0.25)
    rack (1.2.1)
    sinatra (1.1.2)
      rack (~> 1.1)
      tilt (~> 1.2)
    thin (1.2.7)
      daemons (>= 1.0.9)
      eventmachine (>= 0.12.6)
      rack (>= 1.0.0)
    tilt (1.2.2)

PLATFORMS
  ruby

DEPENDENCIES
  door_code (= 0.0.3)
  haml
  sinatra
  thin
